PATH
  remote: .
  specs:
    bunny_subscriber (1.0.1)
      bunny (~> 2.12)
      serverengine (~> 2.0.5)

GEM
  remote: https://rubygems.org/
  specs:
    amq-protocol (2.3.0)
    bunny (2.14.3)
      amq-protocol (~> 2.3, >= 2.3.0)
    bunny-mock (1.7.0)
      bunny (>= 1.7)
    minitest (5.13.0)
    rake (10.5.0)
    serverengine (2.0.7)
      sigdump (~> 0.2.2)
    sigdump (0.2.4)

PLATFORMS
  ruby

DEPENDENCIES
  bundler (~> 2.0)
  bunny-mock (~> 1.7)
  bunny_subscriber!
  minitest (~> 5.0)
  rake (~> 10.0)

BUNDLED WITH
   2.0.2
